GEM
  remote: http://rubygems.org/
  specs:
    chunky_png (1.2.6)
    coffee-script (2.2.0)
      coffee-script-source
      execjs
    coffee-script-source (1.6.1)
    compass (0.12.2)
      chunky_png (~> 1.2)
      fssm (>= 0.2.7)
      sass (~> 3.1)
    execjs (1.4.0)
      multi_json (~> 1.0)
    fssm (0.2.9)
    json (1.7.7)
    multi_json (1.7.1)
    rack (1.5.2)
    rake (0.9.6)
    rake-pipeline (0.7.0)
      json
      rake (~> 0.9.0)
      thor
    rake-pipeline-web-filters (0.7.0)
      rack
      rake-pipeline (~> 0.6)
    sass (3.2.5)
    thor (0.17.0)

PLATFORMS
  ruby

DEPENDENCIES
  coffee-script
  compass
  rake-pipeline (~> 0.7.0)
  rake-pipeline-web-filters
  sass
